{
	"TaskName": "imagery",
	"Manufacturer": "g.tec",
	"PowerLineFrequency": 50.0,
	"SamplingFrequency": 256.0,
	"SoftwareFilters": "n/a",
	"RecordingDuration": 1146.91015625,
	"RecordingType": "continuous",
	"EEGReference": "n/a",
	"EEGGround": "n/a",
	"EEGPlacementScheme": "BioSemi 32-channel cap",
	"EEGChannelCount": 32,
	"EOGChannelCount": 0,
	"ECGChannelCount": 0,
	"EMGChannelCount": 0,
	"TriggerChannelCount": 0,
	"ManufacturersModelName": "g.HIamp (g.tec medical engineering GmbH)",
	"HardwareFilters": "n/a",
	"TaskDescription": "2-class hand MI (left/right grasping) for ICH rehabilitation. 17 healthy + 20 ICH patients, 1-6 sessions per subject. Trial duration: 27.0s, cue: 2.0s, imagery: 10.0s.",
	"Instructions": "n/a",
	"CogAtlasID": "https://www.cognitiveatlas.org/task/id/trm_4c8a834779883/",
	"InstitutionName": "Huazhong University of Science and Technology",
	"InstitutionAddress": "CN",
	"InstitutionalDepartmentName": "n/a",
	"CapManufacturer": "n/a",
	"CapManufacturersModelName": "n/a",
	"SubjectArtefactDescription": "n/a",
	"DeviceSerialNumber": "n/a",
	"Description": "EEG recording.",
	"MISCChannelCount": 0
}